PATH
  remote: .
  specs:
    ledger_sync-domains (1.2.1)
      ledger_sync (>= 2.5, < 3.1)

GEM
  remote: https://rubygems.org/
  specs:
    activemodel (7.1.5.1)
      activesupport (= 7.1.5.1)
    activesupport (7.1.5.1)
      base64
      benchmark (>= 0.3)
      bigdecimal
      concurrent-ruby (~> 1.0, >= 1.0.2)
      connection_pool (>= 2.2.5)
      drb
      i18n (>= 1.6, < 2)
      logger (>= 1.4.2)
      minitest (>= 5.1)
      mutex_m
      securerandom (>= 0.3)
      tzinfo (~> 2.0)
    ast (2.4.2)
    base64 (0.2.0)
    benchmark (0.4.0)
    bigdecimal (3.1.9)
    byebug (11.1.3)
    colorize (1.1.0)
    concurrent-ruby (1.3.5)
    connection_pool (2.5.0)
    diff-lcs (1.6.0)
    dotenv (2.7.6)
    drb (2.2.1)
    dry-configurable (1.0.1)
      dry-core (~> 1.0, < 2)
      zeitwerk (~> 2.6)
    dry-core (1.0.0)
      concurrent-ruby (~> 1.0)
      zeitwerk (~> 2.6)
    dry-inflector (1.1.0)
    dry-initializer (3.1.1)
    dry-logic (1.5.0)
      concurrent-ruby (~> 1.0)
      dry-core (~> 1.0, < 2)
      zeitwerk (~> 2.6)
    dry-schema (1.13.4)
      concurrent-ruby (~> 1.0)
      dry-configurable (~> 1.0, >= 1.0.1)
      dry-core (~> 1.0, < 2)
      dry-initializer (~> 3.0)
      dry-logic (>= 1.4, < 2)
      dry-types (>= 1.7, < 2)
      zeitwerk (~> 2.6)
    dry-types (1.7.1)
      concurrent-ruby (~> 1.0)
      dry-core (~> 1.0)
      dry-inflector (~> 1.0)
      dry-logic (~> 1.4)
      zeitwerk (~> 2.6)
    dry-validation (1.10.0)
      concurrent-ruby (~> 1.0)
      dry-core (~> 1.0, < 2)
      dry-initializer (~> 3.0)
      dry-schema (>= 1.12, < 2)
      zeitwerk (~> 2.6)
    factory_bot (6.4.5)
      activesupport (>= 5.0.0)
    faraday (1.10.4)
      faraday-em_http (~> 1.0)
      faraday-em_synchrony (~> 1.0)
      faraday-excon (~> 1.1)
      faraday-httpclient (~> 1.0)
      faraday-multipart (~> 1.0)
      faraday-net_http (~> 1.0)
      faraday-net_http_persistent (~> 1.0)
      faraday-patron (~> 1.0)
      faraday-rack (~> 1.0)
      faraday-retry (~> 1.0)
      ruby2_keywords (>= 0.0.4)
    faraday-detailed_logger (2.5.0)
      faraday (>= 0.16, < 3)
    faraday-em_http (1.0.0)
    faraday-em_synchrony (1.0.0)
    faraday-excon (1.1.0)
    faraday-httpclient (1.0.1)
    faraday-multipart (1.1.0)
      multipart-post (~> 2.0)
    faraday-net_http (1.0.2)
    faraday-net_http_persistent (1.2.0)
    faraday-patron (1.0.0)
    faraday-rack (1.0.0)
    faraday-retry (1.0.3)
    faraday_middleware (1.2.1)
      faraday (~> 1.0)
    fingerprintable (1.2.1)
      colorize
    i18n (1.14.7)
      concurrent-ruby (~> 1.0)
    ledger_sync (2.6.0)
      activemodel
      dotenv
      dry-schema
      dry-validation
      faraday
      faraday-detailed_logger
      faraday_middleware
      fingerprintable (>= 1.2.1)
      nokogiri
      openssl (> 2.2.0)
      pd_ruby
      rack (>= 2.2.3)
      rainbow (~> 3.0)
      resonad
      simply_serializable (>= 1.5.1)
    logger (1.6.6)
    minitest (5.25.4)
    multipart-post (2.4.1)
    mutex_m (0.3.0)
    nokogiri (1.15.7-aarch64-linux)
      racc (~> 1.4)
    nokogiri (1.15.7-arm64-darwin)
      racc (~> 1.4)
    nokogiri (1.15.7-x86_64-darwin)
      racc (~> 1.4)
    nokogiri (1.15.7-x86_64-linux)
      racc (~> 1.4)
    openssl (3.3.0)
    parallel (1.21.0)
    parser (3.0.3.2)
      ast (~> 2.4.1)
    pd_ruby (0.2.3)
      colorize
    racc (1.8.1)
    rack (3.1.10)
    rainbow (3.1.1)
    rake (13.0.6)
    regexp_parser (2.2.0)
    resonad (1.4.0)
    rexml (3.2.5)
    rspec (3.13.0)
      rspec-core (~> 3.13.0)
      rspec-expectations (~> 3.13.0)
      rspec-mocks (~> 3.13.0)
    rspec-core (3.13.3)
      rspec-support (~> 3.13.0)
    rspec-expectations (3.13.3)
      diff-lcs (>= 1.2.0, < 2.0)
      rspec-support (~> 3.13.0)
    rspec-mocks (3.13.2)
      diff-lcs (>= 1.2.0, < 2.0)
      rspec-support (~> 3.13.0)
    rspec-support (3.13.2)
    rubocop (1.23.0)
      parallel (~> 1.10)
      parser (>= 3.0.0.0)
      rainbow (>= 2.2.2, < 4.0)
      regexp_parser (>= 1.8, < 3.0)
      rexml
      rubocop-ast (>= 1.12.0, < 2.0)
      ruby-progressbar (~> 1.7)
      unicode-display_width (>= 1.4.0, < 3.0)
    rubocop-ast (1.15.0)
      parser (>= 3.0.1.1)
    ruby-progressbar (1.11.0)
    ruby2_keywords (0.0.5)
    securerandom (0.3.2)
    simply_serializable (1.5.1)
      fingerprintable (>= 1.2.1)
    tzinfo (2.0.6)
      concurrent-ruby (~> 1.0)
    unicode-display_width (2.1.0)
    zeitwerk (2.6.18)

PLATFORMS
  aarch64-linux
  arm64-darwin-21
  x86_64-darwin-22
  x86_64-linux

DEPENDENCIES
  byebug
  dotenv
  factory_bot
  ledger_sync-domains!
  rake (~> 13.0)
  rspec (~> 3.13)
  rubocop (~> 1.7)

BUNDLED WITH
   2.4.1
